GIT
  remote: git://github.com/avinashbot/lazy_lazer.git
  revision: ed23f152697e76816872301363ab1daff2d2cfc7
  branch: master
  specs:
    lazy_lazer (0.8.1)

GIT
  remote: git://github.com/avinashbot/redd.git
  revision: 3b1519a2d121efd18de59b935da6e652757eee90
  branch: master
  specs:
    redd (0.9.0.pre.3)
      http (~> 2.2)
      lazy_lazer (~> 0.8.1)

GEM
  specs:
    addressable (2.5.2)
      public_suffix (>= 2.0.2, < 4.0)
    domain_name (0.5.20170404)
      unf (>= 0.0.5, < 1.0.0)
    dotenv (2.2.1)
    http (2.2.2)
      addressable (~> 2.3)
      http-cookie (~> 1.0)
      http-form_data (~> 1.0.1)
      http_parser.rb (~> 0.6.0)
    http-cookie (1.0.3)
      domain_name (~> 0.5)
    http-form_data (1.0.3)
    http_parser.rb (0.6.0)
    public_suffix (3.0.2)
    unf (0.1.4)
      unf_ext
    unf_ext (0.0.7.4)

PLATFORMS
  ruby

DEPENDENCIES
  dotenv
  lazy_lazer!
  redd!

BUNDLED WITH
   1.16.0
